GEM
  remote: http://rubygems.org/
  specs:
    ast (2.2.0)
    astrolabe (1.3.1)
      parser (~> 2.2)
    diff-lcs (1.1.3)
    fr (0.9.1)
    multi_json (1.3.6)
    parser (2.2.3.0)
      ast (>= 1.1, < 3.0)
    powerpack (0.1.1)
    rainbow (2.0.0)
    rake (0.9.2.2)
    rdiscount (1.6.8)
    rspec (2.8.0)
      rspec-core (~> 2.8.0)
      rspec-expectations (~> 2.8.0)
      rspec-mocks (~> 2.8.0)
    rspec-core (2.8.0)
    rspec-expectations (2.8.0)
      diff-lcs (~> 1.1.2)
    rspec-mocks (2.8.0)
    rubocop (0.35.1)
      astrolabe (~> 1.3)
      parser (>= 2.2.3.0, < 3.0)
      powerpack (~> 0.1)
      rainbow (>= 1.99.1, < 3.0)
      ruby-progressbar (~> 1.7)
      tins (<= 1.6.0)
    ruby-progressbar (1.7.5)
    simplecov (0.6.4)
      multi_json (~> 1.0)
      simplecov-html (~> 0.5.3)
    simplecov-html (0.5.3)
    tins (1.6.0)

PLATFORMS
  ruby

DEPENDENCIES
  fr (~> 0.9.1)
  rake (~> 0.9.2)
  rdiscount (~> 1.6.8)
  rspec (~> 2.8.0)
  rubocop
  simplecov (~> 0.6.4)

BUNDLED WITH
   1.11.2
